PATH
  remote: .
  specs:
    rs_table_renderer (0.1.0)
      rake-compiler
      rb_sys

GEM
  remote: https://rubygems.org/
  specs:
    rake (13.0.6)
    rake-compiler (1.2.1)
      rake
    rb_sys (0.9.65)

PLATFORMS
  arm64-darwin-20

DEPENDENCIES
  rake (~> 13.0)
  rs_table_renderer!

BUNDLED WITH
   2.3.26
